GEM
  remote: https://rubygems.org/
  specs:
    cloud_events (0.7.1)
    functions_framework (1.4.2)
      cloud_events (>= 0.7.0, < 2.a)
      puma (>= 4.3.0, < 7.a)
      rack (>= 2.1, < 4.a)
    json (2.8.2)
    nio4r (2.7.4)
    puma (6.4.3)
      nio4r (~> 2.0)
    rack (3.1.8)

PLATFORMS
  ruby
  x86_64-linux

DEPENDENCIES
  functions_framework
  json

BUNDLED WITH
   2.5.5
